GEM
  remote: https://rubygems.org/
  specs:
    mysql (2.9.1)
    mysql2 (0.5.2)

PLATFORMS
  ruby

DEPENDENCIES
  mysql (~> 2.9)
  mysql2 (~> 0.5.2)

BUNDLED WITH
   1.16.5
